GEM
  remote: https://rubygems.org/
  specs:
    epub_validator (1.1.0)
    md2review (1.6.0)
      redcarpet (> 2.0.0)
    rake (10.4.2)
    redcarpet (3.3.2)
    review (1.6.0)

PLATFORMS
  ruby

DEPENDENCIES
  epub_validator
  md2review
  rake
  review

BUNDLED WITH
   1.10.5
